ObjectType = Image
NDims = 3
BinaryData = True
BinaryDataByteOrderMSB = False
CompressedData = False
TransformMatrix = 1 0 0 0 1 0 0 0 1
Offset = 11.586691000000002 -224.166 -112.55500000000001
CenterOfRotation = 0 0 0
AnatomicalOrientation = RAI
ElementSpacing = 0.97656299999999996 0.97656299999999996 2.5
DimSize = 255 512 64
ElementType = MET_SHORT
ElementDataFile = result.0.raw
